GEM
  remote: https://rubygems.org/
  specs:
    axiom-types (0.1.1)
      descendants_tracker (~> 0.0.4)
      ice_nine (~> 0.11.0)
      thread_safe (~> 0.3, >= 0.3.1)
    coercible (1.0.0)
      descendants_tracker (~> 0.0.1)
    descendants_tracker (0.0.4)
      thread_safe (~> 0.3, >= 0.3.1)
    equalizer (0.0.11)
    ice_nine (0.11.2)
    jar-dependencies (0.3.7)
    jbundler (0.9.3)
      bundler (~> 1.5)
      jar-dependencies (~> 0.3)
      maven-tools (~> 1.1)
      ruby-maven (~> 3.3, >= 3.3.8)
    jruby-jars (9.1.6.0)
    jruby-rack (1.1.20)
    jrubyfx (1.1.1-java)
      jrubyfx-fxmlloader (>= 0.4)
    jrubyfx-fxmlloader (0.4.1-java)
    maven-tools (1.1.6)
      virtus (~> 1.0)
    rake (12.0.0)
    ruby-maven (3.3.12)
      ruby-maven-libs (~> 3.3.9)
    ruby-maven-libs (3.3.9)
    rubyzip (1.2.0)
    thread_safe (0.3.5-java)
    virtus (1.0.5)
      axiom-types (~> 0.1)
      coercible (~> 1.0)
      descendants_tracker (~> 0.0, >= 0.0.3)
      equalizer (~> 0.0, >= 0.0.9)
    warbler (2.0.4)
      jruby-jars (>= 9.0.0.0)
      jruby-rack (>= 1.1.1, < 1.3)
      rake (>= 10.1.0)
      rubyzip (~> 1.0, < 1.4)

PLATFORMS
  java

DEPENDENCIES
  jbundler (~> 0.9.1)
  jrubyfx
  maven-tools (~> 1.1.6)
  warbler
