GEM
  remote: https://rubygems.org/
  specs:
    jruby-jars (1.7.16.1)
    jruby-rack (1.1.16)
    jrubyfx (1.1.1-java)
      jrubyfx-fxmlloader (>= 0.4)
    jrubyfx-fxmlloader (0.4-java)
    rake (10.3.2)
    rubyzip (1.1.6)
    warbler (1.4.4)
      jruby-jars (>= 1.5.6, < 2.0)
      jruby-rack (>= 1.0.0)
      rake (>= 0.9.6)
      rubyzip (>= 0.9, < 1.2)

PLATFORMS
  java

DEPENDENCIES
  jrubyfx
  warbler
